PATH
  remote: .
  specs:
    mortar (0.1.0)
      launchy (~> 2.1.1)
      mortar-api-ruby (~> 0.1.0)
      netrc (~> 0.7.5)

GEM
  remote: http://rubygems.org/
  specs:
    addressable (2.3.2)
    crack (0.3.1)
    diff-lcs (1.1.3)
    excon (0.15.5)
    fakefs (0.4.0)
    json (1.7.4)
    launchy (2.1.1)
      addressable (~> 2.3)
    mime-types (1.19)
    mortar-api-ruby (0.1.0)
      excon (~> 0.15.4)
    netrc (0.7.5)
    rack (1.4.1)
    rake (0.9.2.2)
    rest-client (1.6.7)
      mime-types (>= 1.16)
    rr (1.0.4)
    rspec (2.11.0)
      rspec-core (~> 2.11.0)
      rspec-expectations (~> 2.11.0)
      rspec-mocks (~> 2.11.0)
    rspec-core (2.11.1)
    rspec-expectations (2.11.2)
      diff-lcs (~> 1.1.3)
    rspec-mocks (2.11.1)
    sequel (3.20.0)
    sinatra (1.0)
      rack (>= 1.0)
    taps (0.3.24)
      rack (>= 1.0.1)
      rest-client (>= 1.4.0, < 1.7.0)
      sequel (~> 3.20.0)
      sinatra (~> 1.0.0)
    webmock (1.8.7)
      addressable (>= 2.2.7)
      crack (>= 0.1.7)

PLATFORMS
  ruby

DEPENDENCIES
  excon
  fakefs
  json
  mortar!
  rake
  rr
  rspec
  taps
  webmock
