PATH
  remote: .
  specs:
    mortar (0.1.0)
      launchy (>= 0.3.2)
      netrc (~> 0.7.5)
      rest-client (~> 1.6.1)
      rubyzip

GEM
  remote: http://rubygems.org/
  specs:
    addressable (2.2.8)
    fakefs (0.4.0)
    launchy (2.1.0)
      addressable (~> 2.2.6)
    mime-types (1.19)
    netrc (0.7.5)
    rake (0.9.2.2)
    rest-client (1.6.7)
      mime-types (>= 1.16)
    rubyzip (0.9.9)

PLATFORMS
  ruby

DEPENDENCIES
  fakefs
  mortar!
  rake
