PATH
  remote: .
  specs:
    mortar (0.1.0)
      launchy (~> 2.1.1)
      mortar-api-ruby (~> 0.1.0)
      netrc (~> 0.7.5)

GEM
  remote: http://rubygems.org/
  specs:
    addressable (2.3.2)
    diff-lcs (1.1.3)
    excon (0.15.5)
    fakefs (0.4.0)
    launchy (2.1.2)
      addressable (~> 2.3)
    mortar-api-ruby (0.1.0)
      excon (~> 0.15.4)
    netrc (0.7.7)
    rake (0.9.2.2)
    rr (1.0.4)
    rspec (2.11.0)
      rspec-core (~> 2.11.0)
      rspec-expectations (~> 2.11.0)
      rspec-mocks (~> 2.11.0)
    rspec-core (2.11.1)
    rspec-expectations (2.11.2)
      diff-lcs (~> 1.1.3)
    rspec-mocks (2.11.1)

PLATFORMS
  ruby

DEPENDENCIES
  excon (~> 0.15.4)
  fakefs
  mortar!
  rake
  rr
  rspec
